GEM
  remote: https://rubygems.org/
  specs:
    liquid (5.4.0)

PLATFORMS
  x86_64-darwin-19

DEPENDENCIES
  liquid

BUNDLED WITH
   2.3.26
